GEM
  remote: https://rubygems.org/
  specs:
    cbor (0.5.9.2)
    celluloid (0.17.3)
      celluloid-essentials
      celluloid-extras
      celluloid-fsm
      celluloid-pool
      celluloid-supervision
      timers (>= 4.1.1)
    celluloid-essentials (0.20.5)
      timers (>= 4.1.1)
    celluloid-extras (0.20.5)
      timers (>= 4.1.1)
    celluloid-fsm (0.20.5)
      timers (>= 4.1.1)
    celluloid-io (0.17.3)
      celluloid (>= 0.17.2)
      nio4r (>= 1.1)
      timers (>= 4.1.1)
    celluloid-pool (0.20.5)
      timers (>= 4.1.1)
    celluloid-supervision (0.20.6)
      timers (>= 4.1.1)
    coap (0.1.4)
      celluloid-io (~> 0.17.3)
      resolv-ipv6favor (~> 0)
    david (0.5.0)
      celluloid (~> 0.17.3)
      celluloid-io (~> 0.17.3)
      coap (~> 0.1)
      rack (~> 2.0)
    hitimes (1.2.6)
    nio4r (2.1.0)
    rack (2.0.3)
    resolv-ipv6favor (0.0.0)
    timers (4.1.2)
      hitimes

PLATFORMS
  ruby

DEPENDENCIES
  cbor
  david
  rack

BUNDLED WITH
   1.16.0
